PATH
  remote: .
  specs:
    hypertest (0.1.1)
      rb-fsevent (~> 0.10.3)

GEM
  remote: https://rubygems.org/
  specs:
    rake (10.5.0)
    rb-fsevent (0.10.4)

PLATFORMS
  arm64-darwin-23
  ruby

DEPENDENCIES
  hypertest!
  rake (~> 10.0)

BUNDLED WITH
   2.5.11
